SPECIFIC-VERSION: FALSE
RESTRICTION: || (== net40) (== net45) (== net462)
NUGET
  remote: https://www.nuget.org/api/v2
    ControlzEx (3.0.2.4)
    gitlink (3.1)
    MahApps.Metro (1.6)
      ControlzEx (> 3.0.2 < 4.0)
    MSBuild.Sdk.Extras (1.2.1)
    NUnit (3.9)
    StyleCop.Analyzers (1.0.2)
    XamlColorSchemeGenerator (1.0.3.17)

GROUP cake
RESTRICTION: == net45
NUGET
  remote: https://www.nuget.org/api/v2
    Cake (0.25)
    Cake.Figlet (1.0)
    Cake.Paket (2.0)
    Cake.Paket.Module (2.0)
    GitVersion.CommandLine (3.6.5)
    NUnit.Console (3.8)
      NUnit.ConsoleRunner (>= 3.8)
      NUnit.Extension.NUnitProjectLoader (>= 3.5)
      NUnit.Extension.NUnitV2Driver (>= 3.6)
      NUnit.Extension.NUnitV2ResultWriter (>= 3.5)
      NUnit.Extension.TeamCityEventListener (>= 1.0.3)
      NUnit.Extension.VSProjectLoader (>= 3.7)
    NUnit.ConsoleRunner (3.8)
    NUnit.Extension.NUnitProjectLoader (3.6)
    NUnit.Extension.NUnitV2Driver (3.7)
    NUnit.Extension.NUnitV2ResultWriter (3.6)
    NUnit.Extension.TeamCityEventListener (1.0.3)
    NUnit.Extension.VSProjectLoader (3.7)
